GEM
  remote: https://rubygems.org/
  specs:
    highline (1.7.1)
    sqlite3 (1.3.10)

PLATFORMS
  ruby

DEPENDENCIES
  highline
  sqlite3
